PATH
  remote: .
  specs:
    what_to_eat (0.0.0)

GEM
  remote: https://rubygems.org/
  specs:
    rake (10.5.0)

PLATFORMS
  ruby

DEPENDENCIES
  bundler (~> 2.0)
  rake (~> 10.0)
  what_to_eat!

BUNDLED WITH
   2.0.1
